GEM
  remote: https://rubygems.org/
  specs:
    pg (1.1.4)
    rack (2.0.6)
    roda (3.18.0)
      rack
    shotgun (0.9.2)
      rack (>= 1.0)

PLATFORMS
  ruby

DEPENDENCIES
  pg
  roda
  shotgun

BUNDLED WITH
   2.0.1
