GEM
  remote: https://rubygems.org/
  specs:
    app_configuration (0.0.3)
    binding_of_caller (0.8.0)
      debug_inspector (>= 0.0.1)
    coderay (1.1.2)
    debug_inspector (0.0.3)
    ffi (1.10.0)
    hiredis (0.6.3)
    interception (0.5)
    method_source (0.9.2)
    pg (1.1.4)
    pry (0.12.2)
      coderay (~> 1.1.0)
      method_source (~> 0.9.0)
    pry-doc (1.0.0)
      pry (~> 0.11)
      yard (~> 0.9.11)
    pry-rescue (1.5.0)
      interception (>= 0.5)
      pry (>= 0.12.0)
    pry-stack_explorer (0.4.9.3)
      binding_of_caller (>= 0.7)
      pry (>= 0.9.11)
    puma (3.12.1)
    rack (2.0.6)
    rake (12.3.2)
    roda (3.18.0)
      rack
    sassc (2.0.1)
      ffi (~> 1.9)
      rake
    sequel (5.18.0)
    shotgun (0.9.2)
      rack (>= 1.0)
    tilt (2.0.9)
    yard (0.9.18)

PLATFORMS
  ruby

DEPENDENCIES
  app_configuration (~> 0.0)
  hiredis (~> 0.6)
  pg
  pry
  pry-doc
  pry-rescue
  pry-stack_explorer
  puma
  roda
  sassc
  sequel
  shotgun
  tilt

BUNDLED WITH
   2.0.1
